GEM
  remote: http://rubygems.org/
  specs:
    addressable (2.8.6)
      public_suffix (>= 2.0.2, < 6.0)
    bigdecimal (3.1.8)
    cookiejar (0.3.4)
    em-hiredis (0.3.1)
      eventmachine (~> 1.0)
      hiredis (~> 0.6.0)
    em-http-request (1.1.7)
      addressable (>= 2.3.4)
      cookiejar (!= 0.3.1)
      em-socksify (>= 0.3)
      eventmachine (>= 1.0.3)
      http_parser.rb (>= 0.6.0)
    em-socksify (0.3.2)
      eventmachine (>= 1.0.0.beta.4)
    eventmachine (1.0.9.1)
    faye (1.4.0)
      cookiejar (>= 0.3.0)
      em-http-request (>= 1.1.6)
      eventmachine (>= 0.12.0)
      faye-websocket (>= 0.11.0)
      multi_json (>= 1.0.0)
      rack (>= 1.0.0)
      websocket-driver (>= 0.5.1)
    faye-redis (0.2.0)
      em-hiredis (>= 0.2.0)
      eventmachine (>= 0.12.0)
      multi_json (>= 1.0.0)
    faye-websocket (0.11.3)
      eventmachine (>= 0.12.0)
      websocket-driver (>= 0.5.1)
    hiredis (0.6.3)
    http_parser.rb (0.8.0)
    multi_json (1.15.0)
    nio4r (2.7.3)
    oj (3.16.3)
      bigdecimal (>= 3.0)
    public_suffix (5.0.5)
    puma (6.4.2)
      nio4r (~> 2.0)
    rack (3.0.11)
    redis (3.3.5)
    websocket-driver (0.7.6)
      websocket-extensions (>= 0.1.0)
    websocket-extensions (0.1.5)

PLATFORMS
  ruby

DEPENDENCIES
  em-hiredis (~> 0.3)
  eventmachine (= 1.0.9.1)
  faye (~> 1.0)
  faye-redis (~> 0.2)
  oj (~> 3.6)
  puma (~> 6)
  redis (~> 3)

BUNDLED WITH
   2.1.4
